GEM
  remote: https://rubygems.org/
  specs:
    holiday_japan (1.4.4)

PLATFORMS
  x86_64-linux

DEPENDENCIES
  holiday_japan

BUNDLED WITH
   2.4.22
